GEM
  remote: https://rubygems.org/
  specs:
    mustermann (1.0.1)
    rack (2.0.3)
    rack-protection (2.0.0)
      rack
    sinatra (2.0.0)
      mustermann (~> 1.0)
      rack (~> 2.0)
      rack-protection (= 2.0.0)
      tilt (~> 2.0)
    thread_safe (0.3.6)
    tilt (2.0.8)
    tzinfo (1.2.3)
      thread_safe (~> 0.1)
    tzinfo-data (1.2017.2)
      tzinfo (>= 1.0.0)

PLATFORMS
  ruby

DEPENDENCIES
  sinatra
  tzinfo
  tzinfo-data

BUNDLED WITH
   1.15.4
